GEM
  remote: https://rubygems.org/
  specs:
    autorake (2.7)
      rake (~> 11)
    backports (3.6.8)
    multi_json (1.12.1)
    pgsql (1.3)
      autorake (>= 2.0)
    rack (1.6.4)
    rack-protection (1.5.3)
      rack
    rack-test (0.6.3)
      rack (>= 1.0)
    rake (11.2.2)
    sequel (4.37.0)
    sinatra (1.4.7)
      rack (~> 1.5)
      rack-protection (~> 1.4)
      tilt (>= 1.3, < 3)
    sinatra-contrib (1.4.7)
      backports (>= 2.0)
      multi_json
      rack-protection
      rack-test
      sinatra (~> 1.4.0)
      tilt (>= 1.3, < 3)
    sqlite3 (1.3.11)
    tilt (2.0.5)

PLATFORMS
  ruby

DEPENDENCIES
  pgsql
  rack (~> 1.6.4)
  sequel
  sinatra
  sinatra-contrib
  sqlite3

BUNDLED WITH
   1.12.5
