GEM
  remote: https://rubygems.org/
  specs:
    autorake (2.7)
      rake (~> 11)
    backports (3.8.0)
    multi_json (1.12.1)
    mustermann (1.0.0)
    mysql (2.9.1)
    pgsql (1.3)
      autorake (>= 2.0)
    rack (2.0.3)
    rack-protection (2.0.0)
      rack
    rake (11.3.0)
    sequel (4.48.0)
    sinatra (2.0.0)
      mustermann (~> 1.0)
      rack (~> 2.0)
      rack-protection (= 2.0.0)
      tilt (~> 2.0)
    sinatra-contrib (2.0.0)
      backports (>= 2.0)
      multi_json
      mustermann (~> 1.0)
      rack-protection (= 2.0.0)
      sinatra (= 2.0.0)
      tilt (>= 1.3, < 3)
    sqlite3 (1.3.13)
    tilt (2.0.7)

PLATFORMS
  ruby

DEPENDENCIES
  mysql
  pgsql
  rack
  sequel
  sinatra
  sinatra-contrib
  sqlite3

BUNDLED WITH
   1.13.7
